PATH
  remote: .
  specs:
    motion-async (0.1)

GEM
  remote: https://rubygems.org/
  specs:
    bacon (1.2.0)
    rake (10.4.2)

PLATFORMS
  ruby

DEPENDENCIES
  bacon
  motion-async!
  rake
